PATH
  remote: .
  specs:
    json-sequence (0.1.1)
      multi_json (~> 1.13)

GEM
  remote: https://rubygems.org/
  specs:
    diff-lcs (1.3)
    json (2.1.0)
    json (2.1.0-java)
    multi_json (1.13.1)
    rake (10.5.0)
    rspec (3.7.0)
      rspec-core (~> 3.7.0)
      rspec-expectations (~> 3.7.0)
      rspec-mocks (~> 3.7.0)
    rspec-core (3.7.1)
      rspec-support (~> 3.7.0)
    rspec-expectations (3.7.0)
      diff-lcs (>= 1.2.0, < 2.0)
      rspec-support (~> 3.7.0)
    rspec-mocks (3.7.0)
      diff-lcs (>= 1.2.0, < 2.0)
      rspec-support (~> 3.7.0)
    rspec-support (3.7.1)

PLATFORMS
  java
  ruby

DEPENDENCIES
  bundler (~> 1.16)
  json (~> 2.0)
  json-sequence!
  rake (~> 10.0)
  rspec (~> 3.0)

BUNDLED WITH
   1.16.2
