PATH
  remote: .
  specs:
    greensync-json_sequence (0.2.4)
      multi_json (~> 1.15)

GEM
  remote: https://rubygems.org/
  specs:
    diff-lcs (1.5.1)
    json (2.9.1)
    multi_json (1.15.0)
    rake (10.5.0)
    rspec (3.13.0)
      rspec-core (~> 3.13.0)
      rspec-expectations (~> 3.13.0)
      rspec-mocks (~> 3.13.0)
    rspec-core (3.13.2)
      rspec-support (~> 3.13.0)
    rspec-expectations (3.13.3)
      diff-lcs (>= 1.2.0, < 2.0)
      rspec-support (~> 3.13.0)
    rspec-mocks (3.13.2)
      diff-lcs (>= 1.2.0, < 2.0)
      rspec-support (~> 3.13.0)
    rspec-support (3.13.2)

PLATFORMS
  java
  ruby

DEPENDENCIES
  bundler (~> 2.2)
  greensync-json_sequence!
  json (~> 2.0)
  rake (~> 10.0)
  rspec (~> 3.0)

BUNDLED WITH
   2.2.23
